GIT
  remote: git://github.com/infochimps-labs/wukong.git
  revision: fec20e69a9b6bab04116abe0ca2b225107bc6c45
  branch: leslie
  specs:
    wukong (3.0.1)
      configliere (>= 0.4.18)
      eventmachine
      forgery
      gorillib (>= 0.4.2)
      log4r
      multi_json (>= 1.3.6)
      uuidtools

GEM
  remote: http://rubygems.org/
  specs:
    configliere (0.4.18)
      highline (>= 1.5.2)
      multi_json (>= 1.1)
    eventmachine (1.0.3)
    forgery (0.5.0)
    gorillib (0.5.0)
      configliere (>= 0.4.13)
      json
      multi_json (>= 1.1)
    highline (1.6.21)
    json (1.8.1)
    log4r (1.1.10)
    multi_json (1.9.0)
    uuidtools (2.1.4)
    wukong-hadoop (0.1.1)
      wukong (= 3.0.1)

PLATFORMS
  ruby

DEPENDENCIES
  wukong!
  wukong-hadoop
